GEM
  remote: http://rubygems.org/
  specs:
    ansi (1.4.3)
    builder (3.2.2)
    docile (1.1.0)
    hashie (2.0.5)
    hashr (0.0.22)
    hoe (3.7.1)
      rake (>= 0.8, < 11.0)
    hoe-travis (1.2)
      hoe (~> 3.0)
      travis-lint (~> 1.2)
    hpricot (0.8.6)
    minitest (5.0.8)
    minitest-reporters (1.0.0)
      ansi
      builder
      minitest (>= 5.0)
      powerbar
    multi_json (1.8.2)
    powerbar (1.0.11)
      ansi (~> 1.4.0)
      hashie (>= 1.1.0)
    racc (1.4.10)
    rake (10.1.0)
    rmail (1.0.0)
    simplecov (0.8.2)
      docile (~> 1.1.0)
      multi_json
      simplecov-html (~> 0.8.0)
    simplecov-html (0.8.0)
    test-unit (2.5.5)
    travis-lint (1.7.0)
      hashr (~> 0.0.22)

PLATFORMS
  ruby

DEPENDENCIES
  hoe
  hoe-travis
  hpricot
  minitest
  minitest-reporters
  racc
  rake
  rmail
  simplecov
  test-unit
  travis-lint
